GEM
  remote: http://rubygems.org/
  specs:
    fattr (2.2.0)
    god (0.13.3)
    session (3.1.0)
      fattr
    xmpp4r (0.5.5)

PLATFORMS
  ruby

DEPENDENCIES
  god
  session
  xmpp4r
